GEM
  remote: https://rubygems.org/
  specs:
    ast (2.4.2)
    gosu (1.4.5)
    json (2.6.3)
    minitest (5.18.0)
    parallel (1.22.1)
    parser (3.2.2.0)
      ast (~> 2.4.1)
    rainbow (3.1.1)
    rake (13.0.6)
    regexp_parser (2.7.0)
    rexml (3.2.5)
    rubocop (1.49.0)
      json (~> 2.3)
      parallel (~> 1.10)
      parser (>= 3.2.0.0)
      rainbow (>= 2.2.2, < 4.0)
      regexp_parser (>= 1.8, < 3.0)
      rexml (>= 3.2.5, < 4.0)
      rubocop-ast (>= 1.28.0, < 2.0)
      ruby-progressbar (~> 1.7)
      unicode-display_width (>= 2.4.0, < 3.0)
    rubocop-ast (1.28.0)
      parser (>= 3.2.1.0)
    ruby-progressbar (1.13.0)
    set (1.0.3)
    unicode-display_width (2.4.2)
    yaml (0.2.1)

PLATFORMS
  x64-mingw-ucrt

DEPENDENCIES
  gosu
  minitest
  rake
  rubocop
  rubocop-ast
  set
  yaml

BUNDLED WITH
   2.4.10
